PATH
  remote: .
  specs:
    memory-tracing (1.0.0)

GEM
  remote: https://rubygems.org/
  specs:
    rake (13.1.0)
    rake-compiler (1.2.5)
      rake

PLATFORMS
  x86_64-linux

DEPENDENCIES
  memory-tracing!
  rake (>= 12.3.3)
  rake-compiler

BUNDLED WITH
   2.3.26
